PATH
  remote: .
  specs:
    tree_support (0.0.1)
      yard

GEM
  remote: https://rubygems.org/
  specs:
    diff-lcs (1.2.2)
    rspec (2.13.0)
      rspec-core (~> 2.13.0)
      rspec-expectations (~> 2.13.0)
      rspec-mocks (~> 2.13.0)
    rspec-core (2.13.1)
    rspec-expectations (2.13.0)
      diff-lcs (>= 1.1.3, < 2.0)
    rspec-mocks (2.13.0)
    yard (0.8.6.1)

PLATFORMS
  ruby

DEPENDENCIES
  rspec
  tree_support!
