PATH
  remote: .
  specs:
    tree_support (0.0.4)
      GraphvizR
      activesupport

GEM
  remote: https://rubygems.org/
  specs:
    GraphvizR (0.5.1)
      hoe (>= 1.2.0)
    activesupport (3.2.13)
      i18n (= 0.6.1)
      multi_json (~> 1.0)
    diff-lcs (1.2.4)
    hoe (3.6.2)
      rake (>= 0.8, < 11.0)
    i18n (0.6.1)
    multi_json (1.7.5)
    rake (10.0.4)
    rspec (2.13.0)
      rspec-core (~> 2.13.0)
      rspec-expectations (~> 2.13.0)
      rspec-mocks (~> 2.13.0)
    rspec-core (2.13.1)
    rspec-expectations (2.13.0)
      diff-lcs (>= 1.1.3, < 2.0)
    rspec-mocks (2.13.1)
    yard (0.8.6.1)
    yard-rspec (0.1)
      yard
    yard-rubicle (0.1.1)
      yard

PLATFORMS
  ruby

DEPENDENCIES
  rake
  rspec
  tree_support!
  yard
  yard-rspec
  yard-rubicle
